GEM
  remote: https://ruby.taobao.org/
  specs:
    diff-lcs (1.2.5)
    erubis (2.7.0)
    haml (3.1.8)
    mime-types (2.3)
    oj (2.9.4)
    rake (10.3.1)
    rest-client (1.6.7)
      mime-types (>= 1.16)
    rspec (2.14.1)
      rspec-core (~> 2.14.0)
      rspec-expectations (~> 2.14.0)
      rspec-mocks (~> 2.14.0)
    rspec-core (2.14.8)
    rspec-expectations (2.14.5)
      diff-lcs (>= 1.1.3, < 2.0)
    rspec-mocks (2.14.6)
    slim (2.0.2)
      temple (~> 0.6.6)
      tilt (>= 1.3.3, < 2.1)
    temple (0.6.7)
    tilt (2.0.1)

PLATFORMS
  ruby

DEPENDENCIES
  erubis
  haml
  oj
  rake
  rest-client
  rspec
  slim
